GEM
  remote: http://rubygems.org/
  specs:
    polyglot (0.3.4)
    treetop (1.5.3)
      polyglot (~> 0.3)

PLATFORMS
  ruby

DEPENDENCIES
  treetop
