GEM
  remote: http://rubygems.org/
  specs:
    macaddr (1.7.1)
      systemu (~> 2.6.2)
    mysql2 (0.3.15)
    polyglot (0.3.4)
    systemu (2.6.4)
    treetop (1.5.3)
      polyglot (~> 0.3)

PLATFORMS
  ruby

DEPENDENCIES
  macaddr
  mysql2
  treetop
